GEM
  remote: https://rubygems.org/
  specs:
    columnize (0.8.9)
    diff-lcs (1.1.3)
    gem-this (0.3.7)
    gemcutter (0.7.1)
    linecache (0.46)
      rbx-require-relative (> 0.0.4)
    netaddr (1.5.0)
    rake (10.3.2)
    rbx-require-relative (0.0.9)
    rdoc (3.9.4)
    rdoc-data (3.12)
      rdoc (> 2.5, < 4.0)
    rspec (2.6.0)
      rspec-core (~> 2.6.0)
      rspec-expectations (~> 2.6.0)
      rspec-mocks (~> 2.6.0)
    rspec-core (2.6.4)
    rspec-expectations (2.6.0)
      diff-lcs (~> 1.1.2)
    rspec-mocks (2.6.0)
    ruby-debug (0.10.4)
      columnize (>= 0.1)
      ruby-debug-base (~> 0.10.4.0)
    ruby-debug-base (0.10.4)
      linecache (>= 0.3)

PLATFORMS
  ruby

DEPENDENCIES
  gem-this
  gemcutter
  netaddr
  rake
  rdoc
  rdoc-data
  rspec
  ruby-debug
